GEM
  remote: https://rubygems.org/
  specs:
    colorize (0.7.7)
    mini_portile (0.6.2)
    nokogiri (1.6.6.2)
      mini_portile (~> 0.6.0)
    xdg (2.2.3)

PLATFORMS
  ruby

DEPENDENCIES
  colorize
  nokogiri
  xdg
